GEM
  remote: https://rubygems.org/
  specs:
    activemodel (5.2.0)
      activesupport (= 5.2.0)
    activerecord (5.2.0)
      activemodel (= 5.2.0)
      activesupport (= 5.2.0)
      arel (>= 9.0)
    activesupport (5.2.0)
      concurrent-ruby (~> 1.0, >= 1.0.2)
      i18n (>= 0.7, < 2)
      minitest (~> 5.1)
      tzinfo (~> 1.1)
    arel (9.0.0)
    aws-eventstream (1.0.1)
    aws-partitions (1.97.0)
    aws-sdk-core (3.24.0)
      aws-eventstream (~> 1.0)
      aws-partitions (~> 1.0)
      aws-sigv4 (~> 1.0)
      jmespath (~> 1.0)
    aws-sdk-kms (1.7.0)
      aws-sdk-core (~> 3)
      aws-sigv4 (~> 1.0)
    aws-sdk-s3 (1.17.0)
      aws-sdk-core (~> 3, >= 3.21.2)
      aws-sdk-kms (~> 1)
      aws-sigv4 (~> 1.0)
    aws-sigv4 (1.0.3)
    backports (3.11.3)
    concurrent-ruby (1.0.5)
    i18n (1.0.1)
      concurrent-ruby (~> 1.0)
    jmespath (1.4.0)
    minitest (5.11.3)
    multi_json (1.13.1)
    mustermann (1.0.2)
    pg (1.0.0)
    rack (2.0.5)
    rack-protection (2.0.3)
      rack
    rake (12.3.1)
    sinatra (2.0.3)
      mustermann (~> 1.0)
      rack (~> 2.0)
      rack-protection (= 2.0.3)
      tilt (~> 2.0)
    sinatra-activerecord (2.0.13)
      activerecord (>= 3.2)
      sinatra (>= 1.0)
    sinatra-contrib (2.0.3)
      activesupport (>= 4.0.0)
      backports (>= 2.8.2)
      multi_json
      mustermann (~> 1.0)
      rack-protection (= 2.0.3)
      sinatra (= 2.0.3)
      tilt (>= 1.3, < 3)
    thread_safe (0.3.6)
    tilt (2.0.8)
    tzinfo (1.2.5)
      thread_safe (~> 0.1)

PLATFORMS
  ruby

DEPENDENCIES
  aws-sdk-s3
  pg
  rake
  sinatra
  sinatra-activerecord
  sinatra-contrib

BUNDLED WITH
   1.16.2
